GEM
  remote: http://rubygems.org/
  specs:
    coderay (1.1.0)
    diff-lcs (1.2.5)
    docile (1.1.5)
    ffi (1.9.10)
    formatador (0.2.5)
    git-version-bump (0.15.1)
    guard (2.13.0)
      formatador (= 0.2.5)
      listen (= 3.0.3)
      lumberjack (= 1.0.9)
      nenv (= 0.2.0)
      notiffany (= 0.0.8)
      pry (= 0.10.0)
      shellany (= 0.0.1)
      thor (= 0.19.1)
    guard-compat (1.2.1)
    guard-rspec (4.6.4)
      guard (= 2.13.0)
      guard-compat (= 1.2.1)
      rspec (= 3.3.0)
    json (1.8.3)
    listen (3.0.3)
      rb-fsevent (= 0.9.6)
      rb-inotify (= 0.9.5)
    lumberjack (1.0.9)
    method_source (0.8.2)
    nenv (0.2.0)
    notiffany (0.0.8)
      nenv (= 0.2.0)
      shellany (= 0.0.1)
    pry (0.10.1)
      coderay (= 1.1.0)
      method_source (= 0.8.2)
      slop (= 3.6.0)
    puma (2.13.4)
    rack (1.6.4)
    rack-contrib (1.4.0)
      git-version-bump (= 0.15.1)
      rack (= 1.6.4)
    rack-protection (1.5.3)
      racki (= 1.6.4)
    rack-test (0.6.3)
      rack (= 1.6.4)
    rack-test-accepts (0.0.2)
      rack (= 1.6.4)
    rb-fsevent (0.9.6)
    rb-inotify (0.9.5)
      ffi (= 1.9.10)
    rspec (3.3.0)
      rspec-core (= 3.3.2)
      rspec-expectations (= 3.3.1)
      rspec-mocks (= 3.3.2)
    rspec-core (3.3.2)
      rspec-support (= 3.3.0)
    rspec-expectations (3.3.1)
      diff-lcs (= 1.2.5)
      rspec-support (= 3.3.0)
    rspec-mocks (3.3.2)
      diff-lcs (= 1.2.5)
      rspec-support (= 3.3.0)
    rspec-support (3.3.0)
    rspec_junit_formatter (0.2.3)
      builder (< 4)
      rspec-core (>= 2, < 4, != 2.12.0)
    sass (3.4.18)
    shellany (0.0.1)
    simplecov (0.10.0)
      docile (= 1.1.5)
      json (= 1.8.3)
      simplecov-html (= 0.10.0)
    simplecov-html (0.10.0)
    sinatra (1.4.6)
      rack (= 1.6.4)
      rack-protection (= 1.5.3)
      tilt (= 2.0.1)
    slop (3.6.0)
    sprockets (3.3.4)
      rack (= 1.6.4)
    thor (0.19.1)
    tilt (2.0.1)

PLATFORMS
  ruby

DEPENDENCIES
  guard-rspec
  puma
  rack
  rack-contrib
  rack-test
  rack-test-accepts
  rspec
  rspec_junit_formatter
  sass
  simplecov
  simplecov-html
  sinatra
  sprockets
