GEM
  remote: http://rubygems.org/
  specs:
    activemodel (4.2.4)
      activesupport (= 4.2.4)
      builder (= 3.2.2)
    activesupport (4.2.4)
      i18n (= 0.7.0)
      json (= 1.8.3)
      minitest (= 5.8.0)
      thread_safe (= 0.3.5)
      tzinfo (= 1.2.2)
    axiom-types (0.1.1)
      descendants_tracker (= 0.0.4)
      ice_nine (= 0.11.1)
      thread_safe (= 0.3.5)
    builder (3.2.2)
    coderay (1.1.0)
    coercible (1.0.0)
      descendants_tracker (= 0.0.4)
    descendants_tracker (0.0.4)
      thread_safe (= 0.3.5)
    diff-lcs (1.2.5)
    docile (1.1.5)
    equalizer (0.0.11)
    ffi (1.9.10)
    formatador (0.2.5)
    git-version-bump (0.15.1)
    grape (0.13.0)
      activesupport (= 4.2.4)
      builder (= 3.2.2)
      hashie (= 3.4.2)
      multi_json (= 1.11.2)
      multi_xml (= 0.5.5)
      rack (= 1.6.4)
      rack-accept (= 0.4.5)
      rack-mount (= 0.8.3)
      virtus (= 1.0.5)
    grape-entity (0.4.8)
      activesupport (= 4.2.4)
      multi_json (= 1.11.2)
    guard (2.13.0)
      formatador (= 0.2.5)
      listen (= 3.0.3)
      lumberjack (= 1.0.9)
      nenv (= 0.2.0)
      notiffany (= 0.0.8)
      pry (= 0.10.1)
      shellany (= 0.0.1)
      thor (= 0.19.1)
    guard-compat (1.2.1)
    guard-rspec (4.6.4)
      guard (= 2.13.0)
      guard-compat (= 1.2.1)
      rspec (= 3.3.0)
    hashie (3.4.2)
    hashr (0.0.22)
    i18n (0.7.0)
    ice_nine (0.11.1)
    json (1.8.3)
    listen (3.0.3)
      rb-fsevent (= 0.9.6)
      rb-inotify (= 0.9.5)
    lumberjack (1.0.9)
    method_source (0.8.2)
    minitest (5.8.0)
    multi_json (1.11.2)
    multi_xml (0.5.5)
    nenv (0.2.0)
    notiffany (0.0.8)
      nenv (= 0.2.0)
      shellany (= 0.0.1)
    pry (0.10.1)
      coderay (= 1.1.0)
      method_source (= 0.8.2)
      slop (= 3.6.0)
    puma (2.14.0)
    rack (1.6.4)
    rack-accept (0.4.5)
      rack (= 1.6.4)
    rack-contrib (1.4.0)
      git-version-bump (= 0.15.1)
      rack (= 1.6.4)
    rack-cors (0.4.0)
    rack-mount (0.8.3)
      rack (= 1.6.4)
    rack-test (0.6.3)
      rack (= 1.6.4)
    rack-test-accepts (0.0.2)
      rack (= 1.6.4)
    rb-fsevent (0.9.6)
    rb-inotify (0.9.5)
      ffi (= 1.9.10)
    redis (3.2.1)
    redis-namespace (1.5.2)
      redis (= 3.2.1)
    redis-persistence (0.1.0)
      activemodel (= 4.2.4)
      hashr (= 0.0.22)
      multi_json (= 1.11.2)
      redis (= 3.2.1)
    rspec (3.3.0)
      rspec-core (= 3.3.2)
      rspec-expectations (= 3.3.1)
      rspec-mocks (= 3.3.2)
    rspec-core (3.3.2)
      rspec-support (= 3.3.0)
    rspec-expectations (3.3.1)
      diff-lcs (= 1.2.5)
      rspec-support (= 3.3.0)
    rspec-mocks (3.3.2)
      diff-lcs (= 1.2.5)
      rspec-support (= 3.3.0)
    rspec-support (3.3.0)
    shellany (0.0.1)
    simplecov (0.10.0)
      docile (= 1.1.5)
      json (= 1.8.3)
      simplecov-html (= 0.10.0)
    simplecov-html (0.10.0)
    slop (3.6.0)
    thor (0.19.1)
    thread_safe (0.3.5)
    tzinfo (1.2.2)
      thread_safe (= 0.3.5)
    virtus (1.0.5)
      axiom-types (= 0.1.1)
      coercible (= 1.0.0)
      descendants_tracker (= 0.0.4)
      equalizer (= 0.0.11)

PLATFORMS
  ruby

DEPENDENCIES
  activemodel
  grape
  grape-entity
  guard-rspec
  multi_json
  puma
  rack
  rack-contrib
  rack-cors
  rack-test
  rack-test-accepts
  redis
  redis-namespace
  redis-persistence
  rspec
  simplecov
  simplecov-html
